GEM
  remote: https://rubygems.org/
  specs:
    minitest (5.25.5)
    nio4r (2.7.3)
    puma (6.4.2)
      nio4r (~> 2.0)
    rack (3.1.6)
    rack-test (2.2.0)
      rack (>= 1.3)
    roda (3.81.0)
      rack

PLATFORMS
  arm64-darwin-23
  x86_64-linux

DEPENDENCIES
  minitest
  puma
  rack-test
  roda

RUBY VERSION
   ruby 3.2.3p157

BUNDLED WITH
   2.4.19
