GEM
  remote: https://rubygems.org/
  specs:
    minitest (5.25.5)
    nio4r (2.7.4)
    puma (6.6.0)
      nio4r (~> 2.0)
    rack (3.1.15)
    rack-test (2.2.0)
      rack (>= 1.3)
    roda (3.92.0)
      rack

PLATFORMS
  arm64-darwin-23
  x86_64-linux

DEPENDENCIES
  minitest
  puma
  rack-test
  roda

RUBY VERSION
   ruby 3.3.8p144

BUNDLED WITH
   2.6.9
