GEM
  remote: https://rubygems.org/
  specs:
    nio4r (2.7.4)
    puma (6.6.0)
      nio4r (~> 2.0)
    rack (3.1.15)
    roda (3.92.0)
      rack

PLATFORMS
  arm64-darwin-23
  x86_64-linux

DEPENDENCIES
  puma
  roda

RUBY VERSION
   ruby 3.3.3p89

BUNDLED WITH
   2.5.11
